FRAMEWORK: NET40, NET45, NET452
NUGET
  remote: https://www.nuget.org/api/v2
    Common.Logging (3.3.1) - framework: net45, net452
      Common.Logging.Core (>= 3.3.1)
    Common.Logging.Core (3.3.1) - framework: net45, net452
    FAKE (4.36)
    MongoDB.Bson (2.2.4)
    MongoDB.Driver (2.2.4)
      MongoDB.Bson (>= 2.2.4)
      MongoDB.Driver.Core (>= 2.2.4)
    MongoDB.Driver.Core (2.2.4)
      MongoDB.Bson (>= 2.2.4)
    Nancy (1.4.3)
    Newtonsoft.Json (9.0.1)
    RethinkDb.Driver (2.3.10)
      Common.Logging (>= 3.3) - framework: net45, net452
      Newtonsoft.Json (>= 9.0.1) - framework: net45, net452
